GIT
  remote: https://github.com/NYULibraries/ead_indexer
  revision: 9f9fc24dc4d07d451e596df3c5e550c6c52054ea
  tag: v0.0.1
  specs:
    ead_indexer (0.0.1)
      iso-639 (>= 0.2.5)
      rails (>= 4.2.7.1)
      solr_ead (>= 0.7.2)

GIT
  remote: https://github.com/NYULibraries/formaggio
  revision: 645de8c59def833c2717000a7ca4ed5b9c709376
  tag: v1.4.2
  specs:
    formaggio (1.4.2)
      cap_git_tools (~> 0.9)
      capistrano (~> 2.15)
      figs (~> 2.0)
      git (~> 1.2)
      mail (~> 2.5)
      newrelic_rpm (~> 3.6)
      rake (~> 10.1)
      require_all (~> 1.3)
      rvm-capistrano (~> 1.5)

GIT
  remote: https://github.com/NYULibraries/nyulibraries_errors
  revision: c77c8c8a8699d5af7ceb2775fe6ac7aa81f6a5f5
  tag: v1.0.0
  specs:
    nyulibraries_errors (1.0.0)

GIT
  remote: https://github.com/NYULibraries/nyulibraries_institutions
  revision: 809799538d1e08e6b096da567ec4278a412b8779
  tag: v1.0.0
  specs:
    nyulibraries_institutions (1.0.0)
      institutions (~> 0.1.3)
      rails (>= 4)

GIT
  remote: https://github.com/NYULibraries/nyulibraries_javascripts
  revision: f2637c4891f273a6227b4f0fed9245a88539f9b2
  tag: v1.0.0
  specs:
    nyulibraries_javascripts (1.0.0)

GIT
  remote: https://github.com/NYULibraries/nyulibraries_stylesheets
  revision: 8556ead9e51dc13c4dad883a9c30ea6aed6eaca6
  tag: v1.0.0
  specs:
    nyulibraries_stylesheets (1.0.0)
      bootstrap-sass (~> 3.2)
      compass (>= 1.0.1)

GIT
  remote: https://github.com/NYULibraries/nyulibraries_templates
  revision: 68466155fbaa21cda97e106a502c90bff4c73c4e
  tag: v1.0.0
  specs:
    nyulibraries_templates (1.0.0)
      rails (>= 4)

GIT
  remote: https://github.com/NYULibraries/omniauth-nyulibraries
  revision: 352bd2c76350483667c603c1a7e63735e4a283b8
  tag: v2.0.0
  specs:
    omniauth-nyulibraries (1.1.0)
      omniauth-oauth2 (~> 1.2.0)

GEM
  remote: https://rubygems.org/
  specs:
    actionmailer (4.2.7.1)
      actionpack (= 4.2.7.1)
      actionview (= 4.2.7.1)
      activejob (= 4.2.7.1)
      mail (~> 2.5, >= 2.5.4)
      rails-dom-testing (~> 1.0, >= 1.0.5)
    actionpack (4.2.7.1)
      actionview (= 4.2.7.1)
      activesupport (= 4.2.7.1)
      rack (~> 1.6)
      rack-test (~> 0.6.2)
      rails-dom-testing (~> 1.0, >= 1.0.5)
      rails-html-sanitizer (~> 1.0, >= 1.0.2)
    actionview (4.2.7.1)
      activesupport (= 4.2.7.1)
      builder (~> 3.1)
      erubis (~> 2.7.0)
      rails-dom-testing (~> 1.0, >= 1.0.5)
      rails-html-sanitizer (~> 1.0, >= 1.0.2)
    activejob (4.2.7.1)
      activesupport (= 4.2.7.1)
      globalid (>= 0.3.0)
    activemodel (4.2.7.1)
      activesupport (= 4.2.7.1)
      builder (~> 3.1)
    activerecord (4.2.7.1)
      activemodel (= 4.2.7.1)
      activesupport (= 4.2.7.1)
      arel (~> 6.0)
    activesupport (4.2.7.1)
      i18n (~> 0.7)
      json (~> 1.7, >= 1.7.7)
      minitest (~> 5.1)
      thread_safe (~> 0.3, >= 0.3.4)
      tzinfo (~> 1.1)
    addressable (2.5.0)
      public_suffix (~> 2.0, >= 2.0.2)
    arel (6.0.4)
    autoprefixer-rails (6.6.1)
      execjs
    bcrypt (3.1.11)
    better_errors (2.0.0)
      coderay (>= 1.0.0)
      erubis (>= 2.6.6)
      rack (>= 0.9.0)
    binding_of_caller (0.7.2)
      debug_inspector (>= 0.0.1)
    blacklight (6.7.3)
      bootstrap-sass (~> 3.2)
      deprecation
      globalid
      kaminari (>= 0.15)
      nokogiri (~> 1.6)
      rails (>= 4.2, < 6)
      rsolr (>= 1.0.6, < 3)
      twitter-typeahead-rails (= 0.11.1.pre.corejavascript)
    blacklight_advanced_search (6.2.1)
      blacklight (~> 6.0, >= 6.0.1)
      parslet
    blankslate (3.1.3)
    bootstrap-sass (3.3.7)
      autoprefixer-rails (>= 5.2.1)
      sass (>= 3.3.4)
    builder (3.2.3)
    cap_git_tools (0.9.1)
      capistrano (~> 2.0)
    capistrano (2.15.9)
      highline
      net-scp (>= 1.0.0)
      net-sftp (>= 2.0.0)
      net-ssh (>= 2.0.14)
      net-ssh-gateway (>= 1.1.0)
    capybara (2.11.0)
      addressable
      mime-types (>= 1.16)
      nokogiri (>= 1.3.3)
      rack (>= 1.0.0)
      rack-test (>= 0.5.4)
      xpath (~> 2.0)
    childprocess (0.5.9)
      ffi (~> 1.0, >= 1.0.11)
    chunky_png (1.3.8)
    cliver (0.3.2)
    coderay (1.1.1)
    coffee-rails (4.1.1)
      coffee-script (>= 2.2.0)
      railties (>= 4.0.0, < 5.1.x)
    coffee-script (2.4.1)
      coffee-script-source
      execjs
    coffee-script-source (1.12.2)
    comma (4.0.1)
      activesupport (>= 4.0.0, < 5.1)
    compass (1.0.3)
      chunky_png (~> 1.2)
      compass-core (~> 1.0.2)
      compass-import-once (~> 1.0.5)
      rb-fsevent (>= 0.9.3)
      rb-inotify (>= 0.9)
      sass (>= 3.3.13, < 3.5)
    compass-core (1.0.3)
      multi_json (~> 1.0)
      sass (>= 3.3.0, < 3.5)
    compass-import-once (1.0.5)
      sass (>= 3.2, < 3.5)
    compass-rails (3.0.2)
      compass (~> 1.0.0)
      sass-rails (< 5.1)
      sprockets (< 4.0)
    concurrent-ruby (1.0.4)
    coveralls (0.7.12)
      multi_json (~> 1.10)
      rest-client (>= 1.6.8, < 2)
      simplecov (~> 0.9.1)
      term-ansicolor (~> 1.3)
      thor (~> 0.19.1)
    crack (0.4.3)
      safe_yaml (~> 1.0.0)
    crass (1.0.2)
    cucumber (2.4.0)
      builder (>= 2.1.2)
      cucumber-core (~> 1.5.0)
      cucumber-wire (~> 0.0.1)
      diff-lcs (>= 1.1.3)
      gherkin (~> 4.0)
      multi_json (>= 1.7.5, < 2.0)
      multi_test (>= 0.1.2)
    cucumber-core (1.5.0)
      gherkin (~> 4.0)
    cucumber-rails (1.4.5)
      capybara (>= 1.1.2, < 3)
      cucumber (>= 1.3.8, < 4)
      mime-types (>= 1.16, < 4)
      nokogiri (~> 1.5)
      railties (>= 3, < 5.1)
    cucumber-wire (0.0.1)
    daemons (1.2.4)
    dalli (2.7.6)
    database_cleaner (1.5.3)
    debug_inspector (0.0.2)
    deprecation (1.0.0)
      activesupport
    devise (3.5.10)
      bcrypt (~> 3.0)
      orm_adapter (~> 0.1)
      railties (>= 3.2.6, < 5)
      responders
      thread_safe (~> 0.1)
      warden (~> 1.2.3)
    diff-lcs (1.3)
    docile (1.1.5)
    domain_name (0.5.20161129)
      unf (>= 0.0.5, < 1.0.0)
    ensure_valid_encoding (0.5.3)
    erubis (2.7.0)
    execjs (2.7.0)
    exlibris-aleph (2.0.4)
      faraday (~> 0.9.0)
      marc (~> 0.8.0)
      multi_xml (~> 0.5.0)
      require_all (~> 1.3.0)
    factory_girl (4.7.0)
      activesupport (>= 3.0.0)
    factory_girl_rails (4.7.0)
      factory_girl (~> 4.7.0)
      railties (>= 3.0.0)
    faraday (0.9.2)
      multipart-post (>= 1.2, < 3)
    ffi (1.9.17)
    figs (2.0.3)
      git (~> 1.2.6)
      rake (~> 10.1)
    font-awesome-rails (4.2.0.0)
      railties (>= 3.2, < 5.0)
    formatador (0.2.5)
    gherkin (4.0.0)
    git (1.2.9.1)
    globalid (0.3.7)
      activesupport (>= 4.1.0)
    guard (2.14.0)
      formatador (>= 0.2.4)
      listen (>= 2.7, < 4.0)
      lumberjack (~> 1.0)
      nenv (~> 0.1)
      notiffany (~> 0.0)
      pry (>= 0.9.12)
      shellany (~> 0.0)
      thor (>= 0.18.1)
    guard-compat (1.2.1)
    guard-cucumber (2.1.2)
      cucumber (~> 2.0)
      guard-compat (~> 1.0)
      nenv (~> 0.1)
    guard-rspec (4.3.1)
      guard (~> 2.1)
      rspec (>= 2.14, < 4.0)
    hashdiff (0.3.2)
    hashie (3.4.6)
    highline (1.7.8)
    http-cookie (1.0.3)
      domain_name (~> 0.5)
    i18n (0.7.0)
    institutions (0.1.3)
      ipaddr_range_set (~> 0.10.0)
      require_all (~> 1.3.1)
    ipaddr_range_set (0.10.0)
    iso-639 (0.2.8)
    jbuilder (2.6.1)
      activesupport (>= 3.0.0, < 5.1)
      multi_json (~> 1.2)
    jettywrapper (1.8.3)
      activesupport (>= 3.0.0)
      childprocess
      i18n
      logger
    jquery-rails (3.1.4)
      railties (>= 3.0, < 5.0)
      thor (>= 0.14, < 2.0)
    jquery-ui-rails (5.0.5)
      railties (>= 3.2.16)
    json (1.8.6)
    jwt (1.5.6)
    kaminari (1.0.1)
      activesupport (>= 4.1.0)
      kaminari-actionview (= 1.0.1)
      kaminari-activerecord (= 1.0.1)
      kaminari-core (= 1.0.1)
    kaminari-actionview (1.0.1)
      actionview
      kaminari-core (= 1.0.1)
    kaminari-activerecord (1.0.1)
      activerecord
      kaminari-core (= 1.0.1)
    kaminari-core (1.0.1)
    libv8 (3.16.14.17)
    listen (3.1.5)
      rb-fsevent (~> 0.9, >= 0.9.4)
      rb-inotify (~> 0.9, >= 0.9.7)
      ruby_dep (~> 1.2)
    logger (1.2.8)
    loofah (2.0.3)
      nokogiri (>= 1.5.9)
    lumberjack (1.0.11)
    mail (2.6.4)
      mime-types (>= 1.16, < 4)
    marc (0.8.2)
      ensure_valid_encoding
      scrub_rb (>= 1.0.1, < 2)
      unf
    mediashelf-loggable (0.4.10)
    method_source (0.8.2)
    mime-types (2.99.3)
    mini_portile2 (2.1.0)
    minitest (5.10.1)
    multi_json (1.12.1)
    multi_test (0.1.2)
    multi_xml (0.5.5)
    multipart-post (2.0.0)
    mysql2 (0.4.5)
    nenv (0.3.0)
    net-scp (1.2.1)
      net-ssh (>= 2.6.5)
    net-sftp (2.1.2)
      net-ssh (>= 2.6.5)
    net-ssh (4.0.1)
    net-ssh-gateway (1.2.0)
      net-ssh (>= 2.6.5)
    netrc (0.11.0)
    newrelic_rpm (3.17.2.327)
    nokogiri (1.7.0.1)
      mini_portile2 (~> 2.1.0)
    nokogumbo (1.4.10)
      nokogiri
    notiffany (0.1.1)
      nenv (~> 0.1)
      shellany (~> 0.0)
    oauth2 (1.3.0)
      faraday (>= 0.8, < 0.11)
      jwt (~> 1.0)
      multi_json (~> 1.3)
      multi_xml (~> 0.5)
      rack (>= 1.2, < 3)
    om (3.0.7)
      activemodel
      activesupport
      deprecation
      mediashelf-loggable
      nokogiri (>= 1.4.2)
      solrizer (~> 3.1.0)
    omniauth (1.3.2)
      hashie (>= 1.2, < 4)
      rack (>= 1.0, < 3)
    omniauth-oauth2 (1.2.0)
      faraday (>= 0.8, < 0.10)
      multi_json (~> 1.3)
      oauth2 (~> 1.0)
      omniauth (~> 1.2)
    orm_adapter (0.5.0)
    parslet (1.7.1)
      blankslate (>= 2.0, <= 4.0)
    phantomjs (2.1.1.0)
    poltergeist (1.11.0)
      capybara (~> 2.1)
      cliver (~> 0.3.1)
      websocket-driver (>= 0.2.0)
    pry (0.10.4)
      coderay (~> 1.1.0)
      method_source (~> 0.8.1)
      slop (~> 3.4)
    public_suffix (2.0.5)
    rack (1.6.5)
    rack-test (0.6.3)
      rack (>= 1.0)
    rails (4.2.7.1)
      actionmailer (= 4.2.7.1)
      actionpack (= 4.2.7.1)
      actionview (= 4.2.7.1)
      activejob (= 4.2.7.1)
      activemodel (= 4.2.7.1)
      activerecord (= 4.2.7.1)
      activesupport (= 4.2.7.1)
      bundler (>= 1.3.0, < 2.0)
      railties (= 4.2.7.1)
      sprockets-rails
    rails-deprecated_sanitizer (1.0.3)
      activesupport (>= 4.2.0.alpha)
    rails-dom-testing (1.0.8)
      activesupport (>= 4.2.0.beta, < 5.0)
      nokogiri (~> 1.6)
      rails-deprecated_sanitizer (>= 1.0.1)
    rails-html-sanitizer (1.0.3)
      loofah (~> 2.0)
    railties (4.2.7.1)
      actionpack (= 4.2.7.1)
      activesupport (= 4.2.7.1)
      rake (>= 0.8.7)
      thor (>= 0.18.1, < 2.0)
    rake (10.5.0)
    rb-fsevent (0.9.8)
    rb-inotify (0.9.7)
      ffi (>= 0.5.0)
    ref (2.0.0)
    require_all (1.3.3)
    responders (2.3.0)
      railties (>= 4.2.0, < 5.1)
    rest-client (1.8.0)
      http-cookie (>= 1.0.2, < 2.0)
      mime-types (>= 1.16, < 3.0)
      netrc (~> 0.7)
    rsolr (1.1.2)
      builder (>= 2.1.2)
    rspec (3.5.0)
      rspec-core (~> 3.5.0)
      rspec-expectations (~> 3.5.0)
      rspec-mocks (~> 3.5.0)
    rspec-collection_matchers (1.1.3)
      rspec-expectations (>= 2.99.0.beta1)
    rspec-core (3.5.4)
      rspec-support (~> 3.5.0)
    rspec-expectations (3.5.0)
      diff-lcs (>= 1.2.0, < 2.0)
      rspec-support (~> 3.5.0)
    rspec-its (1.2.0)
      rspec-core (>= 3.0.0)
      rspec-expectations (>= 3.0.0)
    rspec-mocks (3.5.0)
      diff-lcs (>= 1.2.0, < 2.0)
      rspec-support (~> 3.5.0)
    rspec-rails (3.5.2)
      actionpack (>= 3.0)
      activesupport (>= 3.0)
      railties (>= 3.0)
      rspec-core (~> 3.5.0)
      rspec-expectations (~> 3.5.0)
      rspec-mocks (~> 3.5.0)
      rspec-support (~> 3.5.0)
    rspec-support (3.5.0)
    ruby-progressbar (1.8.1)
    ruby_dep (1.5.0)
    rubyzip (1.2.0)
    rvm-capistrano (1.5.6)
      capistrano (~> 2.15.4)
    safe_yaml (1.0.4)
    sanitize (4.4.0)
      crass (~> 1.0.2)
      nokogiri (>= 1.4.4)
      nokogumbo (~> 1.4.1)
    sass (3.4.22)
    sass-rails (5.0.6)
      railties (>= 4.0.0, < 6)
      sass (~> 3.1)
      sprockets (>= 2.8, < 4.0)
      sprockets-rails (>= 2.0, < 4.0)
      tilt (>= 1.1, < 3)
    scrub_rb (1.0.1)
    selenium-webdriver (3.0.5)
      childprocess (~> 0.5)
      rubyzip (~> 1.0)
      websocket (~> 1.0)
    shellany (0.0.1)
    simplecov (0.9.2)
      docile (~> 1.1.0)
      multi_json (~> 1.0)
      simplecov-html (~> 0.9.0)
    simplecov-html (0.9.0)
    simplecov-rcov (0.2.3)
      simplecov (>= 0.4.1)
    slop (3.6.0)
    solr_ead (0.7.2)
      om (~> 3.0.0)
      rsolr
      sanitize
      solrizer (~> 3.1.0)
    solr_wrapper (0.19.0)
      faraday
      ruby-progressbar
      rubyzip
    solrizer (3.1.1)
      activesupport
      daemons
      mediashelf-loggable (~> 0.4.7)
      nokogiri
      stomp
      xml-simple
    sorted (1.0.1)
    sprockets (3.7.1)
      concurrent-ruby (~> 1.0)
      rack (> 1, < 3)
    sprockets-rails (3.2.0)
      actionpack (>= 4.0)
      activesupport (>= 4.0)
      sprockets (>= 3.0.0)
    stomp (1.4.3)
    term-ansicolor (1.4.0)
      tins (~> 1.0)
    therubyracer (0.12.3)
      libv8 (~> 3.16.14.15)
      ref
    thor (0.19.4)
    thread_safe (0.3.5)
    tilt (2.0.5)
    tins (1.13.0)
    twitter-typeahead-rails (0.11.1.pre.corejavascript)
      actionpack (>= 3.1)
      jquery-rails
      railties (>= 3.1)
    tzinfo (1.2.2)
      thread_safe (~> 0.1)
    uglifier (2.7.2)
      execjs (>= 0.3.0)
      json (>= 1.8.0)
    unf (0.1.4)
      unf_ext
    unf_ext (0.0.7.2)
    unicode (0.4.4.2)
    vcr (3.0.3)
    warden (1.2.6)
      rack (>= 1.0)
    webmock (2.3.2)
      addressable (>= 2.3.6)
      crack (>= 0.3.2)
      hashdiff
    websocket (1.2.3)
    websocket-driver (0.6.4)
      websocket-extensions (>= 0.1.0)
    websocket-extensions (0.1.2)
    xml-simple (1.1.5)
    xpath (2.0.0)
      nokogiri (~> 1.3)

PLATFORMS
  ruby

DEPENDENCIES
  better_errors (~> 2.0.0)
  binding_of_caller (~> 0.7.2)
  blacklight (~> 6.6)
  blacklight_advanced_search
  coffee-rails (~> 4.1.0)
  comma (~> 4.0.0)
  compass-rails (~> 3.0.0)
  coveralls (~> 0.7.0)
  cucumber-rails (~> 1.4.5)
  dalli (~> 2.7.0)
  database_cleaner (~> 1.5.3)
  devise (~> 3.5.4)
  ead_indexer!
  exlibris-aleph (~> 2.0.4)
  factory_girl_rails (~> 4.7.0)
  faraday (~> 0.9.1)
  font-awesome-rails (~> 4.2.0)
  formaggio!
  guard (~> 2.14.0)
  guard-cucumber (~> 2.1.2)
  guard-rspec (~> 4.3.1)
  iso-639 (~> 0.2.5)
  jbuilder (~> 2.6.0)
  jettywrapper (~> 1.7)
  jquery-rails (~> 3.1.0)
  jquery-ui-rails (~> 5.0.2)
  mysql2 (~> 0.4.5)
  newrelic_rpm (~> 3.6)
  nyulibraries_errors!
  nyulibraries_institutions!
  nyulibraries_javascripts!
  nyulibraries_stylesheets!
  nyulibraries_templates!
  omniauth-nyulibraries!
  phantomjs (~> 2.1.1)
  poltergeist (~> 1.11.0)
  pry
  rails (~> 4.2.7.1)
  rspec-collection_matchers (~> 1.1.2)
  rspec-its (~> 1.2.0)
  rspec-rails (~> 3)
  sass (= 3.4.22)
  sass-rails (~> 5.0.0)
  selenium-webdriver (~> 3.0)
  simplecov (~> 0.9.2)
  simplecov-rcov (~> 0.2.3)
  solr_ead (~> 0.7.2)
  solr_wrapper (>= 0.3)
  sorted (~> 1.0.0)
  term-ansicolor (>= 1.3.2)
  therubyracer (~> 0.12.0)
  uglifier (~> 2.7.0)
  unicode (~> 0.4.4)
  vcr (~> 3.0.3)
  webmock (~> 2.1)

BUNDLED WITH
   1.13.7
